GEM
  remote: https://rubygems.org/
  specs:
    bubble-wrap (1.4.0)
    motion-require (0.0.7)
    motion-support (0.2.6)
      motion-require (>= 0.0.6)
    rake (10.1.1)

PLATFORMS
  ruby

DEPENDENCIES
  bubble-wrap
  motion-support
  rake
