GEM
  remote: https://rubygems.org/
  specs:
    CFPropertyList (2.2.8)
    activesupport (3.2.19)
      i18n (~> 0.6, >= 0.6.4)
      multi_json (~> 1.0)
    afmotion (2.4.1)
      motion-cocoapods (>= 1.4.1)
      motion-require (>= 0.1)
    claide (0.7.0)
    cocoapods (0.34.1)
      activesupport (>= 3.2.15, < 4)
      claide (~> 0.7.0)
      cocoapods-core (= 0.34.1)
      cocoapods-downloader (~> 0.7.1)
      cocoapods-plugins (~> 0.3.1)
      cocoapods-trunk (~> 0.2.0)
      cocoapods-try (~> 0.4.1)
      colored (~> 1.2)
      escape (~> 0.0.4)
      json_pure (~> 1.8)
      nap (~> 0.8)
      open4 (~> 1.3)
      xcodeproj (~> 0.19.2)
    cocoapods-core (0.34.1)
      activesupport (>= 3.2.15)
      fuzzy_match (~> 2.0.4)
      json_pure (~> 1.8)
      nap (~> 0.8.0)
    cocoapods-downloader (0.7.1)
    cocoapods-plugins (0.3.1)
      nap
    cocoapods-trunk (0.2.0)
      json_pure (~> 1.8)
      nap (>= 0.8)
      netrc
    cocoapods-try (0.4.1)
    colored (1.2)
    escape (0.0.4)
    fuzzy_match (2.0.4)
    i18n (0.6.11)
    json_pure (1.8.1)
    motion-cocoapods (1.5.0)
      cocoapods (>= 0.32.1)
    motion-require (0.2.0)
    motion-support (0.2.6)
      motion-require (>= 0.0.6)
    multi_json (1.10.1)
    nap (0.8.0)
    netrc (0.7.7)
    open4 (1.3.4)
    rake (10.3.2)
    xcodeproj (0.19.2)
      CFPropertyList (~> 2.2)
      activesupport (~> 3.0)
      colored (~> 1.2)

PLATFORMS
  ruby

DEPENDENCIES
  afmotion (>= 2.1.4)
  motion-cocoapods (= 1.5.0)
  motion-support (>= 0.2.6)
  rake
